PATH
  remote: ../tox.rb
  specs:
    tox (0.0.1)

GEM
  remote: https://rubygems.org/
  specs:

PLATFORMS
  ruby

DEPENDENCIES
  tox!

BUNDLED WITH
   1.13.6
